GEM
  remote: https://rubygems.org/
  specs:
    activemodel (5.2.1)
      activesupport (= 5.2.1)
    activerecord (5.2.1)
      activemodel (= 5.2.1)
      activesupport (= 5.2.1)
      arel (>= 9.0)
    activesupport (5.2.1)
      concurrent-ruby (~> 1.0, >= 1.0.2)
      i18n (>= 0.7, < 2)
      minitest (~> 5.1)
      tzinfo (~> 1.1)
    arel (9.0.0)
    childprocess (0.9.0)
      ffi (~> 1.0, >= 1.0.11)
    chronic (0.10.2)
    concurrent-ruby (1.0.5)
    ffi (1.9.25-x64-mingw32)
    figaro (1.1.1)
      thor (~> 0.14)
    i18n (1.1.0)
      concurrent-ruby (~> 1.0)
    minitest (5.11.3)
    mustermann (1.0.3)
    pg (1.1.2-x64-mingw32)
    rack (2.0.5)
    rack-protection (2.0.3)
      rack
    rake (12.3.1)
    rubyzip (1.2.2)
    selenium-webdriver (2.53.4)
      childprocess (~> 0.5)
      rubyzip (~> 1.0)
      websocket (~> 1.0)
    sinatra (2.0.3)
      mustermann (~> 1.0)
      rack (~> 2.0)
      rack-protection (= 2.0.3)
      tilt (~> 2.0)
    sinatra-activerecord (2.0.13)
      activerecord (>= 3.2)
      sinatra (>= 1.0)
    thor (0.20.0)
    thread_safe (0.3.6)
    tilt (2.0.8)
    tzinfo (1.2.5)
      thread_safe (~> 0.1)
    websocket (1.2.8)
    whenever (0.10.0)
      chronic (>= 0.6.3)

PLATFORMS
  x64-mingw32

DEPENDENCIES
  figaro
  pg
  rake
  selenium-webdriver
  sinatra
  sinatra-activerecord
  whenever

BUNDLED WITH
   1.16.4
